PATH
  remote: .
  specs:
    gbifrb (0.1.0)
      faraday (>= 0.12.0.1, < 0.15.5.0)
      faraday_middleware (>= 0.11.0.1, < 0.13.1.0)
      multi_json (~> 1.12, >= 1.12.1)
      thor (>= 0.19.4, < 0.21.0)

GEM
  remote: https://rubygems.org/
  specs:
    addressable (2.5.2)
      public_suffix (>= 2.0.2, < 4.0)
    codecov (0.1.14)
      json
      simplecov
      url
    crack (0.4.3)
      safe_yaml (~> 1.0.0)
    docile (1.3.1)
    faraday (0.15.4)
      multipart-post (>= 1.2, < 3)
    faraday_middleware (0.13.0)
      faraday (>= 0.7.4, < 1.0)
    hashdiff (0.3.8)
    json (2.1.0)
    multi_json (1.13.1)
    multipart-post (2.0.0)
    power_assert (1.1.3)
    public_suffix (3.0.3)
    rake (12.3.2)
    safe_yaml (1.0.4)
    simplecov (0.16.1)
      docile (~> 1.1)
      json (>= 1.8, < 3)
      simplecov-html (~> 0.10.0)
    simplecov-html (0.10.2)
    test-unit (3.3.0)
      power_assert
    thor (0.20.3)
    url (0.3.2)
    vcr (4.0.0)
    webmock (3.5.1)
      addressable (>= 2.3.6)
      crack (>= 0.3.2)
      hashdiff

PLATFORMS
  ruby

DEPENDENCIES
  bundler (~> 2.0, >= 1.14.6)
  codecov (~> 0.1.10)
  gbifrb!
  json (~> 2.0, >= 2.0.3)
  rake (~> 12.0, >= 12.0.0)
  simplecov (~> 0.16.1)
  test-unit (~> 3.2, >= 3.2.1)
  vcr (~> 4.0, >= 3.0.3)
  webmock (~> 3.5, >= 2.3.2)

BUNDLED WITH
   1.15.3
