PATH
  remote: .
  specs:
    gbifrb (0.1.0)
      faraday (~> 0.12.0.1)
      faraday_middleware (~> 0.11.0.1)
      multi_json (~> 1.12, >= 1.12.1)
      thor (~> 0.19.4)

GEM
  remote: https://rubygems.org/
  specs:
    addressable (2.5.0)
      public_suffix (~> 2.0, >= 2.0.2)
    codecov (0.1.10)
      json
      simplecov
      url
    crack (0.4.3)
      safe_yaml (~> 1.0.0)
    docile (1.1.5)
    faraday (0.12.0.1)
      multipart-post (>= 1.2, < 3)
    faraday_middleware (0.11.0.1)
      faraday (>= 0.7.4, < 1.0)
    hashdiff (0.3.2)
    json (2.0.3)
    multi_json (1.13.1)
    multipart-post (2.0.0)
    power_assert (0.3.1)
    public_suffix (2.0.5)
    rake (12.0.0)
    safe_yaml (1.0.4)
    simplecov (0.14.1)
      docile (~> 1.1.0)
      json (>= 1.8, < 3)
      simplecov-html (~> 0.10.0)
    simplecov-html (0.10.0)
    test-unit (3.2.1)
      power_assert
    thor (0.19.4)
    url (0.3.2)
    vcr (3.0.3)
    webmock (2.3.2)
      addressable (>= 2.3.6)
      crack (>= 0.3.2)
      hashdiff

PLATFORMS
  ruby

DEPENDENCIES
  bundler (~> 1.14, >= 1.14.6)
  codecov (~> 0.1.10)
  gbifrb!
  json (~> 2.0, >= 2.0.3)
  rake (~> 12.0, >= 12.0.0)
  simplecov (~> 0.14.1)
  test-unit (~> 3.2, >= 3.2.1)
  vcr (~> 3.0, >= 3.0.3)
  webmock (~> 2.3, >= 2.3.2)

BUNDLED WITH
   1.15.3
